GEM
  remote: https://rubygems.org/
  specs:
    ansi (1.5.0)
    builder (3.2.2)
    byebug (8.2.2)
    minitest (5.8.4)
    minitest-reporters (1.1.0)
      ansi
      builder
      minitest (>= 5.0)
      ruby-progressbar
    ruby-progressbar (1.7.5)
    vcr (3.0.1)

PLATFORMS
  ruby

DEPENDENCIES
  byebug
  minitest
  minitest-reporters
  vcr

BUNDLED WITH
   1.10.6
